GEM
  remote: http://rubygems.org/
  specs:
    aruba (0.2.1)
    builder (2.1.2)
    cucumber (0.9.0)
      builder (~> 2.1.2)
      diff-lcs (~> 1.1.2)
      gherkin (~> 2.2.2)
      json (~> 1.4.6)
      term-ansicolor (~> 1.0.5)
    diff-lcs (1.1.2)
    fuubar (0.0.1)
      progressbar (~> 0.9)
      rspec (~> 2.0)
      rspec-instafail (~> 0.1)
    gemcutter (0.6.1)
    gherkin (2.2.4)
      json (~> 1.4.6)
      term-ansicolor (~> 1.0.5)
      trollop (~> 1.16.2)
    gherkin (2.2.4-java)
      json (~> 1.4.6)
      term-ansicolor (~> 1.0.5)
      trollop (~> 1.16.2)
    git (1.2.5)
    jeweler (1.4.0)
      gemcutter (>= 0.1.0)
      git (>= 1.2.5)
      rubyforge (>= 2.0.0)
    json (1.4.6)
    json (1.4.6-java)
    json_pure (1.4.6)
    notifiers (1.1.0)
    progressbar (0.9.0)
    rspec (2.1.0)
      rspec-core (~> 2.1.0)
      rspec-expectations (~> 2.1.0)
      rspec-mocks (~> 2.1.0)
    rspec-core (2.1.0)
    rspec-expectations (2.1.0)
      diff-lcs (~> 1.1.2)
    rspec-instafail (0.1.2)
    rspec-mocks (2.1.0)
    rubyforge (2.0.4)
      json_pure (>= 1.1.7)
    term-ansicolor (1.0.5)
    trollop (1.16.2)
    watchr (0.7)

PLATFORMS
  java
  ruby

DEPENDENCIES
  aruba (= 0.2.1)
  cucumber (= 0.9.0)
  fuubar
  jeweler
  notifiers (= 1.1.0)
  rspec (>= 2.1.0)
  watchr (= 0.7)
